GEM
  remote: https://rubygems.org/
  specs:
    concurrent-ruby (1.1.5)
    et-orbi (1.2.2)
      tzinfo
    fugit (1.3.3)
      et-orbi (~> 1.1, >= 1.1.8)
      raabro (~> 1.1)
    raabro (1.1.6)
    rack (2.1.4)
    rufus-scheduler (3.6.0)
      fugit (~> 1.1, >= 1.1.6)
    tzinfo (2.0.0)
      concurrent-ruby (~> 1.0)

PLATFORMS
  ruby

DEPENDENCIES
  rack
  rufus-scheduler

RUBY VERSION
   ruby 2.6.5p114

BUNDLED WITH
   1.17.2
